RESTRICTION: == net461
NUGET
  remote: https://www.nuget.org/api/v2
    Dapper (1.50.4)
    Microsoft.NETCore.Platforms (2.0.1)
    MySql.Data (6.10.5)
    NETStandard.Library (2.0.1)
      Microsoft.NETCore.Platforms (>= 1.1)
    NETStandard.Library.NETFramework (2.0.0-preview2-25405-01)
      Microsoft.NETCore.Platforms (>= 2.0.0-preview2-25405-01)
      NETStandard.Library (>= 2.0.0-preview2-25401-01)
    System.Configuration (2.0.5)
